GEM
  remote: https://rubygems.org/
  specs:
    amq-protocol (2.3.0)
    bunny (2.13.0)
      amq-protocol (~> 2.3, >= 2.3.0)

PLATFORMS
  ruby

DEPENDENCIES
  bunny (>= 2.13.0)

BUNDLED WITH
   2.0.1
